GEM
  remote: https://rubygems.org/
  specs:
    activesupport (5.1.4)
      concurrent-ruby (~> 1.0, >= 1.0.2)
      i18n (~> 0.7)
      minitest (~> 5.1)
      tzinfo (~> 1.1)
    celluloid (0.17.3)
      celluloid-essentials
      celluloid-extras
      celluloid-fsm
      celluloid-pool
      celluloid-supervision
      timers (>= 4.1.1)
    celluloid-essentials (0.20.5)
      timers (>= 4.1.1)
    celluloid-extras (0.20.5)
      timers (>= 4.1.1)
    celluloid-fsm (0.20.5)
      timers (>= 4.1.1)
    celluloid-io (0.17.3)
      celluloid (>= 0.17.2)
      nio4r (>= 1.1)
      timers (>= 4.1.1)
    celluloid-pool (0.20.5)
      timers (>= 4.1.1)
    celluloid-supervision (0.20.6)
      timers (>= 4.1.1)
    concurrent-ruby (1.0.5)
    domain_name (0.5.20170404)
      unf (>= 0.0.5, < 1.0.0)
    faraday (0.14.0)
      multipart-post (>= 1.2, < 3)
    faraday-cookie_jar (0.0.6)
      faraday (>= 0.7.4)
      http-cookie (~> 1.0.0)
    faraday_middleware (0.12.2)
      faraday (>= 0.7.4, < 1.0)
    gli (2.17.1)
    hashie (3.5.7)
    hitimes (1.2.6)
    http-cookie (1.0.3)
      domain_name (~> 0.5)
    i18n (0.9.3)
      concurrent-ruby (~> 1.0)
    minitest (5.11.1)
    multipart-post (2.0.0)
    nio4r (2.2.0)
    slack-ruby-bot (0.10.5)
      hashie
      slack-ruby-client (>= 0.6.0)
    slack-ruby-client (0.11.1)
      activesupport
      faraday (>= 0.9)
      faraday_middleware
      gli
      hashie
      websocket-driver
    thread_safe (0.3.6)
    timers (4.1.2)
      hitimes
    tzinfo (1.2.4)
      thread_safe (~> 0.1)
    unf (0.1.4)
      unf_ext
    unf_ext (0.0.7.4)
    websocket-driver (0.7.0)
      websocket-extensions (>= 0.1.0)
    websocket-extensions (0.1.3)

PLATFORMS
  ruby

DEPENDENCIES
  celluloid-io
  faraday
  faraday-cookie_jar
  slack-ruby-bot

BUNDLED WITH
   1.16.0.pre.2
